GEM
  remote: https://rubygems.org/
  specs:
    bosh_common (1.3215.0)
      logging (~> 1.8.2)
      semi_semantic (~> 1.1.0)
    bosh_cpi (1.3215.0)
      bosh_common (~> 1.3215.0)
      logging (~> 1.8.2)
      membrane (~> 1.1.0)
    builder (3.1.4)
    coderay (1.1.0)
    daemons (1.2.3)
    diff-lcs (1.2.5)
    eventmachine (1.2.0.1)
    fakefs (0.6.7)
    httpclient (2.7.1)
    little-plugger (1.1.4)
    logging (1.8.2)
      little-plugger (>= 1.1.3)
      multi_json (>= 1.8.4)
    membrane (1.1.0)
    method_source (0.8.2)
    mini_portile2 (2.0.0)
    mono_logger (1.1.0)
    multi_json (1.11.2)
    nokogiri (1.6.7.2)
      mini_portile2 (~> 2.0.0.rc2)
    pry (0.10.1)
      coderay (~> 1.1.0)
      method_source (~> 0.8.1)
      slop (~> 3.4)
    rack (1.6.4)
    rake (10.4.2)
    rspec (3.3.0)
      rspec-core (~> 3.3.0)
      rspec-expectations (~> 3.3.0)
      rspec-mocks (~> 3.3.0)
    rspec-core (3.3.2)
      rspec-support (~> 3.3.0)
    rspec-expectations (3.3.1)
      diff-lcs (>= 1.2.0, < 2.0)
      rspec-support (~> 3.3.0)
    rspec-instafail (0.4.0)
      rspec
    rspec-its (1.2.0)
      rspec-core (>= 3.0.0)
      rspec-expectations (>= 3.0.0)
    rspec-mocks (3.3.2)
      diff-lcs (>= 1.2.0, < 2.0)
      rspec-support (~> 3.3.0)
    rspec-support (3.3.0)
    semi_semantic (1.1.0)
    slop (3.5.0)
    thin (1.5.1)
      daemons (>= 1.0.9)
      eventmachine (>= 0.12.6)
      rack (>= 1.0.0)
    timecop (0.7.4)

PLATFORMS
  ruby

DEPENDENCIES
  bosh_common
  bosh_cpi
  builder (~> 3.1.4)
  fakefs
  httpclient (= 2.7.1)
  membrane (~> 1.1.0)
  mono_logger (~> 1.1.0)
  nokogiri (~> 1.6.6)
  pry
  rack (~> 1.6.4)
  rake (~> 10.0)
  rspec (~> 3.0)
  rspec-instafail
  rspec-its
  thin (~> 1.5.1)
  timecop (~> 0.7.1)

BUNDLED WITH
   1.11.2
